GEM
  remote: https://rubygems.org/
  specs:
    foreman (0.84.0)
      thor (~> 0.19.1)
    thor (0.19.4)

PLATFORMS
  ruby

DEPENDENCIES
  foreman

RUBY VERSION
   ruby 2.2.3p173

BUNDLED WITH
   1.13.5
